GEM
  remote: https://rubygems.org/
  specs:
    colorize (0.7.5)
    git (1.2.9.1)
    highline (1.7.1)
    net-ssh (2.9.2)
    net-ssh-gateway (1.2.0)
      net-ssh (>= 2.6.5)
    thor (0.19.1)

PLATFORMS
  ruby

DEPENDENCIES
  colorize
  git
  highline
  net-ssh-gateway
  thor
